PATH
  remote: ..
  specs:
    mxnet (0.1.0)
      fiddle
      numo-narray

GEM
  remote: https://rubygems.org/
  specs:
    addressable (2.5.2)
      public_suffix (>= 2.0.2, < 4.0)
    bond (0.5.1)
    chunky_png (1.3.10)
    coderay (1.1.2)
    czmq-ffi-gen (0.15.0)
      ffi (~> 1.9.10)
    cztop (0.13.1)
      czmq-ffi-gen (~> 0.15.0)
    data_uri (0.1.0)
    faraday (0.14.0)
      multipart-post (>= 1.2, < 3)
    ffi (1.9.23)
    fiddle (1.0.0)
    iruby (0.3)
      bond (~> 0.5)
      data_uri (~> 0.1)
      mimemagic (~> 0.3)
      multi_json (~> 1.11)
    launchy (2.4.3)
      addressable (~> 2.3)
    method_source (0.9.0)
    mimemagic (0.3.2)
    multi_json (1.13.1)
    multipart-post (2.0.0)
    numo-narray (0.9.1.1)
    pry (0.11.3)
      coderay (~> 1.1.0)
      method_source (~> 0.9.0)
    public_suffix (3.0.2)
    rbplotly (0.1.2)
      faraday (~> 0.9)
      launchy (~> 2.4)
      uuidtools (~> 2.1)
    uuidtools (2.1.5)

PLATFORMS
  ruby

DEPENDENCIES
  chunky_png
  cztop
  iruby
  mxnet!
  numo-narray
  pry
  rbplotly

BUNDLED WITH
   1.16.0
